GEM
  remote: https://rubygems.org/
  specs:
    colorize (1.1.0)
    thor (1.3.2)

PLATFORMS
  ruby
  x86_64-linux

DEPENDENCIES
  colorize
  thor

BUNDLED WITH
   2.5.19
